GEM
  remote: http://rubygems.org/
  specs:
    addressable (2.2.6)
    em-websocket (0.3.5)
      addressable (>= 2.1.1)
      eventmachine (>= 0.12.9)
    eventmachine (0.12.10)
    json (1.6.1)
    metaclass (0.0.1)
    mocha (0.10.0)
      metaclass (~> 0.0.1)
    rake (0.9.2.2)

PLATFORMS
  ruby

DEPENDENCIES
  em-websocket
  json
  mocha
  rake
